STORAGE: NONE
RESTRICTION: == net7.0
NUGET
  remote: https://api.nuget.org/v3/index.json
    Argu (6.1.1)
      FSharp.Core (>= 4.3.2)
      System.Configuration.ConfigurationManager (>= 4.4)
    Fable.Browser.Blob (1.2)
      Fable.Core (>= 3.0)
      FSharp.Core (>= 4.7.2)
    Fable.Browser.Dom (2.10.1)
      Fable.Browser.Blob (>= 1.2)
      Fable.Browser.Event (>= 1.5)
      Fable.Browser.WebStorage (>= 1.1)
      Fable.Core (>= 3.2.8)
      FSharp.Core (>= 4.7.2)
    Fable.Browser.Event (1.5)
      Fable.Browser.Gamepad (>= 1.1)
      Fable.Core (>= 3.0)
      FSharp.Core (>= 4.7.2)
    Fable.Browser.Gamepad (1.1)
      Fable.Core (>= 3.0)
      FSharp.Core (>= 4.7.2)
    Fable.Browser.WebStorage (1.1)
      Fable.Browser.Event (>= 1.5)
      Fable.Core (>= 3.0)
      FSharp.Core (>= 4.7.2)
    Fable.Core (4.0.0-theta-007)
    Fable.Parsimmon (4.0)
      Fable.Core (>= 3.0)
      FSharp.Core (>= 4.6.2)
    Fable.Promise (3.2)
      Fable.Core (>= 3.7.1)
      FSharp.Core (>= 4.7.2)
    Fable.Remoting.Json (2.23)
      FSharp.Core (>= 6.0)
      Newtonsoft.Json (>= 12.0.2)
    Fable.Remoting.MsgPack (1.18)
      FSharp.Core (>= 4.7.2)
    Fable.SimpleJson (3.24)
      Fable.Core (>= 3.1.5)
      Fable.Parsimmon (>= 4.0)
      FSharp.Core (>= 4.7)
    Fable.Solid (1.0.0-beta-004)
      Fable.Browser.Dom (>= 2.10)
      Fable.Core (>= 4.0.0-theta-004)
      FSharp.Core (>= 6.0.1)
    Feliz.JSX.Solid (1.0.0-beta-002)
      Fable.Solid (>= 1.0.0-beta-001)
      FSharp.Core (>= 6.0.1)
    FSharp.Control.AsyncSeq (3.2.1)
      FSharp.Core (>= 4.7.2)
      Microsoft.Bcl.AsyncInterfaces (>= 5.0)
    FSharp.Control.Websockets (0.2.3)
      FSharp.Core (>= 6.0)
      Microsoft.IO.RecyclableMemoryStream (>= 2.2.1)
    FSharp.Core (7.0)
    Giraffe (6.0)
      FSharp.Core (>= 6.0.1)
      Giraffe.ViewEngine (>= 1.3)
      Microsoft.IO.RecyclableMemoryStream (>= 2.2)
      Newtonsoft.Json (>= 13.0.1)
      System.Text.Json (>= 6.0.2)
      Utf8Json (>= 1.3.7)
    Giraffe.SerilogExtensions (2.1)
      Fable.Remoting.Json (>= 2.17)
      FSharp.Core (>= 6.0.5)
      Giraffe (>= 6.0 < 7.0)
      Microsoft.AspNetCore.Http (>= 2.2.2)
      Serilog (>= 2.10)
    Giraffe.ViewEngine (1.4)
      FSharp.Core (>= 5.0)
    Microsoft.AspNetCore.Authentication.JwtBearer (7.0.1)
      Microsoft.IdentityModel.Protocols.OpenIdConnect (>= 6.15.1)
    Microsoft.AspNetCore.Connections.Abstractions (7.0.1)
      Microsoft.Extensions.Features (>= 7.0.1)
      System.IO.Pipelines (>= 7.0)
    Microsoft.AspNetCore.Http (2.2.2)
      Microsoft.AspNetCore.Http.Abstractions (>= 2.2)
      Microsoft.AspNetCore.WebUtilities (>= 2.2)
      Microsoft.Extensions.ObjectPool (>= 2.2)
      Microsoft.Extensions.Options (>= 2.2)
      Microsoft.Net.Http.Headers (>= 2.2)
    Microsoft.AspNetCore.Http.Abstractions (2.2)
      Microsoft.AspNetCore.Http.Features (>= 2.2)
      System.Text.Encodings.Web (>= 4.5)
    Microsoft.AspNetCore.Http.Features (5.0.17)
      Microsoft.Extensions.Primitives (>= 5.0.1)
      System.IO.Pipelines (>= 5.0.2)
    Microsoft.AspNetCore.SignalR.Common (7.0.1)
      Microsoft.AspNetCore.Connections.Abstractions (>= 7.0.1)
      Microsoft.Extensions.Options (>= 7.0)
    Microsoft.AspNetCore.SignalR.Protocols.NewtonsoftJson (7.0.1)
      Microsoft.AspNetCore.SignalR.Common (>= 7.0.1)
      Newtonsoft.Json (>= 13.0.1)
    Microsoft.AspNetCore.WebUtilities (2.2)
      Microsoft.Net.Http.Headers (>= 2.2)
      System.Text.Encodings.Web (>= 4.5)
    Microsoft.Bcl.AsyncInterfaces (7.0)
    Microsoft.CSharp (4.7)
    Microsoft.Extensions.DependencyInjection.Abstractions (7.0)
    Microsoft.Extensions.Features (7.0.1)
    Microsoft.Extensions.ObjectPool (7.0.1)
    Microsoft.Extensions.Options (7.0)
      Microsoft.Extensions.DependencyInjection.Abstractions (>= 7.0)
      Microsoft.Extensions.Primitives (>= 7.0)
    Microsoft.Extensions.Primitives (7.0)
    Microsoft.IdentityModel.Abstractions (6.25.1)
    Microsoft.IdentityModel.JsonWebTokens (6.25.1)
      Microsoft.IdentityModel.Tokens (>= 6.25.1)
      System.Text.Encoding (>= 4.3)
      System.Text.Json (>= 4.7.2)
    Microsoft.IdentityModel.Logging (6.25.1)
      Microsoft.IdentityModel.Abstractions (>= 6.25.1)
    Microsoft.IdentityModel.Protocols (6.25.1)
      Microsoft.IdentityModel.Logging (>= 6.25.1)
      Microsoft.IdentityModel.Tokens (>= 6.25.1)
    Microsoft.IdentityModel.Protocols.OpenIdConnect (6.25.1)
      Microsoft.IdentityModel.Protocols (>= 6.25.1)
      System.IdentityModel.Tokens.Jwt (>= 6.25.1)
    Microsoft.IdentityModel.Tokens (6.25.1)
      Microsoft.CSharp (>= 4.5)
      Microsoft.IdentityModel.Logging (>= 6.25.1)
      System.Security.Cryptography.Cng (>= 4.5)
    Microsoft.IO.RecyclableMemoryStream (2.2.1)
    Microsoft.Net.Http.Headers (2.2.8)
      Microsoft.Extensions.Primitives (>= 2.2)
      System.Buffers (>= 4.5)
    Microsoft.NETCore.Platforms (7.0)
    Microsoft.NETCore.Targets (5.0)
    Microsoft.Win32.SystemEvents (7.0)
    Newtonsoft.Json (13.0.2)
    Saturn (0.16.1)
      FSharp.Control.Websockets (>= 0.2.2)
      Giraffe (>= 6.0)
      Microsoft.AspNetCore.Authentication.JwtBearer (>= 6.0.3)
    Serilog (2.12)
    Serilog.Sinks.Console (4.1.1-dev-00896)
      Serilog (>= 2.10)
    Serilog.Sinks.SpectreConsole (0.3.3)
      FSharp.Core (>= 6.0.5)
      Serilog (>= 2.10)
      Spectre.Console (>= 0.45)
    Spectre.Console (0.45)
      System.Memory (>= 4.5.5)
    System.Buffers (4.5.1)
    System.Configuration.ConfigurationManager (7.0)
      System.Diagnostics.EventLog (>= 7.0)
      System.Security.Cryptography.ProtectedData (>= 7.0)
      System.Security.Permissions (>= 7.0)
    System.Diagnostics.EventLog (7.0)
    System.Drawing.Common (7.0)
      Microsoft.Win32.SystemEvents (>= 7.0)
    System.Formats.Asn1 (7.0)
    System.IdentityModel.Tokens.Jwt (6.25.1)
      Microsoft.IdentityModel.JsonWebTokens (>= 6.25.1)
      Microsoft.IdentityModel.Tokens (>= 6.25.1)
    System.IO.Pipelines (7.0)
    System.Memory (4.5.5)
    System.Reactive (5.0)
    System.Reactive.Linq (5.0)
      System.Reactive (>= 5.0)
      System.Threading.Tasks.Extensions (>= 4.5.4)
    System.Reflection.Emit (4.7)
    System.Reflection.Emit.Lightweight (4.7)
    System.Runtime (4.3.1)
      Microsoft.NETCore.Platforms (>= 1.1.1)
      Microsoft.NETCore.Targets (>= 1.1.3)
    System.Security.Cryptography.Cng (5.0)
      System.Formats.Asn1 (>= 5.0)
    System.Security.Cryptography.ProtectedData (7.0)
    System.Security.Permissions (7.0)
      System.Windows.Extensions (>= 7.0)
    System.Text.Encoding (4.3)
      Microsoft.NETCore.Platforms (>= 1.1)
      Microsoft.NETCore.Targets (>= 1.1)
      System.Runtime (>= 4.3)
    System.Text.Encodings.Web (7.0)
    System.Text.Json (7.0.1)
      System.Text.Encodings.Web (>= 7.0)
    System.Threading.Tasks.Extensions (4.5.4)
    System.ValueTuple (4.5)
    System.Windows.Extensions (7.0)
      System.Drawing.Common (>= 7.0)
    Utf8Json (1.3.7)
      System.Reflection.Emit (>= 4.3)
      System.Reflection.Emit.Lightweight (>= 4.3)
      System.Threading.Tasks.Extensions (>= 4.4)
      System.ValueTuple (>= 4.4)
